GEM
  remote: https://rubygems.org/
  specs:
    haml (3.1.7)
    jt-partial (0.0.6)
    moode-haml-jqm (0.0.2)
    moode-haml-toolkit (0.0.2)

PLATFORMS
  ruby

DEPENDENCIES
  haml
  jt-partial
  moode-haml-jqm
  moode-haml-toolkit
